GEM
  remote: http://rubygems.org/
  specs:
    always_execute (0.0.2)
      shoulda
    ansi (1.4.3)
    builder (2.1.2)
    git (1.2.5)
    jeweler (1.8.4)
      bundler (~> 1.0)
      git (>= 1.2.5)
      rake
      rdoc
    json (1.7.4)
    minitest (2.12.1)
    minitest-extra-assertions (0.1.0)
    minitest-reporters (0.7.0)
      ansi
      builder
      minitest (~> 2.0)
      ruby-progressbar
    mocha (0.9.8)
      rake
    rake (0.9.2.2)
    rdoc (3.12)
      json (~> 1.4)
    ruby-progressbar (0.0.10)
    shoulda (2.11.3)
    work_queue (2.5.2)

PLATFORMS
  ruby

DEPENDENCIES
  always_execute (= 0.0.2)
  bundler
  jeweler
  minitest (= 2.12.1)
  minitest-extra-assertions (= 0.1.0)
  minitest-reporters (= 0.7.0)
  mocha (= 0.9.8)
  shoulda (= 2.11.3)
  work_queue
