PATH
  remote: .
  specs:
    parallizer (0.3.1)
      work_queue

GEM
  remote: http://rubygems.org/
  specs:
    always_execute (0.1.3)
    diff-lcs (1.1.3)
    rake (0.9.2.2)
    rspec (2.9.0)
      rspec-core (~> 2.9.0)
      rspec-expectations (~> 2.9.0)
      rspec-mocks (~> 2.9.0)
    rspec-core (2.9.0)
    rspec-expectations (2.9.1)
      diff-lcs (~> 1.1.3)
    rspec-mocks (2.9.0)
    work_queue (2.5.2)

PLATFORMS
  ruby

DEPENDENCIES
  always_execute (~> 0.1.1)
  parallizer!
  rake
  rspec (~> 2.9.0)
